PATH
  remote: .
  specs:
    hiveline (0.0.1)
      httparty (~> 0.13.3)

GEM
  remote: https://rubygems.org/
  specs:
    httparty (0.13.3)
      json (~> 1.8)
      multi_xml (>= 0.5.2)
    json (1.8.2)
    multi_xml (0.5.5)
    rake (10.4.2)

PLATFORMS
  ruby

DEPENDENCIES
  bundler (~> 1.7)
  hiveline!
  rake (~> 10.0)
